PATH
  remote: .
  specs:
    scoop (0.2.3.4)
      awesome_print
      cattr
      gist
      jaconda
      jira-api
      mail
      pastie-api

GEM
  remote: http://rubygems.org/
  specs:
    activemodel (3.2.3)
      activesupport (= 3.2.3)
      builder (~> 3.0.0)
    activeresource (3.2.3)
      activemodel (= 3.2.3)
      activesupport (= 3.2.3)
    activesupport (3.2.3)
      i18n (~> 0.6)
      multi_json (~> 1.0)
    awesome_print (1.0.2)
    builder (3.0.0)
    cattr (0.1.2)
    coderay (0.9.8)
    diff-lcs (1.1.3)
    gist (3.1.0)
    i18n (0.6.0)
    jaconda (2.0.1)
      activeresource (>= 2.3.5)
    jira-api (0.1.2)
    mail (2.4.4)
      i18n (>= 0.4.0)
      mime-types (~> 1.16)
      treetop (~> 1.4.8)
    method_source (0.6.6)
      ruby_parser (~> 2.0.5)
    mime-types (1.18)
    multi_json (1.0.3)
    pastie-api (0.2.1)
    polyglot (0.3.3)
    pry (0.9.6.2)
      coderay (~> 0.9.8)
      method_source (~> 0.6.5)
      ruby_parser (~> 2.0.5)
      slop (~> 2.1.0)
    rspec (2.9.0)
      rspec-core (~> 2.9.0)
      rspec-expectations (~> 2.9.0)
      rspec-mocks (~> 2.9.0)
    rspec-core (2.9.0)
    rspec-expectations (2.9.0)
      diff-lcs (~> 1.1.3)
    rspec-mocks (2.9.0)
    ruby_parser (2.0.6)
      sexp_processor (~> 3.0)
    sexp_processor (3.0.7)
    simplecov (0.5.4)
      multi_json (~> 1.0.3)
      simplecov-html (~> 0.5.3)
    simplecov-html (0.5.3)
    slop (2.1.0)
    treetop (1.4.10)
      polyglot
      polyglot (>= 0.3.1)

PLATFORMS
  ruby

DEPENDENCIES
  bundler (>= 1.0.0)
  pry
  rspec
  scoop!
  simplecov
